PATH
  remote: .
  specs:
    qi (10.0.0)

GEM
  remote: https://rubygems.org/
  specs:
    ast (2.4.2)
    aw (0.2.0)
    brutal (1.6.0.beta4)
    defi (2.0.7)
      aw (~> 0.2.0)
    docile (1.4.0)
    expresenter (1.4.0)
    json (2.6.3)
    matchi (3.3.1)
    parallel (1.23.0)
    parser (3.2.2.1)
      ast (~> 2.4.1)
    r_spec (1.0.5)
      r_spec-clone
    r_spec-clone (1.7.0)
      expresenter (~> 1.4.0)
      matchi (~> 3.3.1)
      test_tube (~> 2.1.3)
    rainbow (3.1.1)
    rake (13.0.6)
    regexp_parser (2.8.0)
    rexml (3.2.5)
    rubocop (1.51.0)
      json (~> 2.3)
      parallel (~> 1.10)
      parser (>= 3.2.0.0)
      rainbow (>= 2.2.2, < 4.0)
      regexp_parser (>= 1.8, < 3.0)
      rexml (>= 3.2.5, < 4.0)
      rubocop-ast (>= 1.28.0, < 2.0)
      ruby-progressbar (~> 1.7)
      unicode-display_width (>= 2.4.0, < 3.0)
    rubocop-ast (1.28.1)
      parser (>= 3.2.1.0)
    rubocop-capybara (2.18.0)
      rubocop (~> 1.41)
    rubocop-factory_bot (2.23.1)
      rubocop (~> 1.33)
    rubocop-gitlab-security (0.1.1)
      rubocop (>= 0.51)
    rubocop-md (1.2.0)
      rubocop (>= 1.0)
    rubocop-performance (1.18.0)
      rubocop (>= 1.7.0, < 2.0)
      rubocop-ast (>= 0.4.0)
    rubocop-rake (0.6.0)
      rubocop (~> 1.0)
    rubocop-rspec (2.22.0)
      rubocop (~> 1.33)
      rubocop-capybara (~> 2.17)
      rubocop-factory_bot (~> 2.22)
    rubocop-thread_safety (0.5.1)
      rubocop (>= 0.90.0)
    ruby-progressbar (1.13.0)
    simplecov (0.22.0)
      docile (~> 1.1)
      simplecov-html (~> 0.11)
      simplecov_json_formatter (~> 0.1)
    simplecov-html (0.12.3)
    simplecov_json_formatter (0.1.4)
    test_tube (2.1.3)
      defi (~> 2.0.6)
    unicode-display_width (2.4.2)
    yard (0.9.36)

PLATFORMS
  ruby

DEPENDENCIES
  brutal (>= 1.6.0.beta4)
  bundler
  qi!
  r_spec
  rake
  rubocop
  rubocop-gitlab-security
  rubocop-md
  rubocop-performance
  rubocop-rake
  rubocop-rspec
  rubocop-thread_safety
  simplecov
  yard

BUNDLED WITH
   2.4.1
