PATH
  remote: .
  specs:
    qi (10.0.0)

GEM
  remote: https://rubygems.org/
  specs:
    ast (2.4.3)
    brutal (1.6.0.beta4)
    defi (3.0.1)
    docile (1.4.1)
    expresenter (1.5.1)
    json (2.10.2)
    language_server-protocol (3.17.0.4)
    lint_roller (1.1.0)
    matchi (4.0.0)
    parallel (1.27.0)
    parser (3.3.8.0)
      ast (~> 2.4.1)
      racc
    prism (1.4.0)
    r_spec (1.0.7)
      r_spec-clone
    r_spec-clone (1.7.2)
      expresenter (~> 1.5.0)
      matchi (~> 4.0.0)
      test_tube (~> 4.0.0)
    racc (1.8.1)
    rainbow (3.1.1)
    rake (13.2.1)
    regexp_parser (2.10.0)
    rubocop (1.75.2)
      json (~> 2.3)
      language_server-protocol (~> 3.17.0.2)
      lint_roller (~> 1.1.0)
      parallel (~> 1.10)
      parser (>= 3.3.0.2)
      rainbow (>= 2.2.2, < 4.0)
      regexp_parser (>= 2.9.3, < 3.0)
      rubocop-ast (>= 1.44.0, < 2.0)
      ruby-progressbar (~> 1.7)
      unicode-display_width (>= 2.4.0, < 4.0)
    rubocop-ast (1.44.1)
      parser (>= 3.3.7.2)
      prism (~> 1.4)
    rubocop-gitlab-security (0.1.1)
      rubocop (>= 0.51)
    rubocop-md (2.0.1)
      lint_roller (~> 1.1)
      rubocop (>= 1.72.1)
    rubocop-performance (1.25.0)
      lint_roller (~> 1.1)
      rubocop (>= 1.75.0, < 2.0)
      rubocop-ast (>= 1.38.0, < 2.0)
    rubocop-rake (0.7.1)
      lint_roller (~> 1.1)
      rubocop (>= 1.72.1)
    rubocop-rspec (3.6.0)
      lint_roller (~> 1.1)
      rubocop (~> 1.72, >= 1.72.1)
    rubocop-thread_safety (0.7.2)
      lint_roller (~> 1.1)
      rubocop (~> 1.72, >= 1.72.1)
    ruby-progressbar (1.13.0)
    simplecov (0.22.0)
      docile (~> 1.1)
      simplecov-html (~> 0.11)
      simplecov_json_formatter (~> 0.1)
    simplecov-html (0.13.1)
    simplecov_json_formatter (0.1.4)
    test_tube (4.0.1)
      defi (~> 3.0.1)
    unicode-display_width (3.1.4)
      unicode-emoji (~> 4.0, >= 4.0.4)
    unicode-emoji (4.0.4)
    yard (0.9.37)

PLATFORMS
  ruby

DEPENDENCIES
  brutal (>= 1.6.0.beta4)
  bundler
  qi!
  r_spec
  rake
  rubocop
  rubocop-gitlab-security
  rubocop-md
  rubocop-performance
  rubocop-rake
  rubocop-rspec
  rubocop-thread_safety
  simplecov
  yard

BUNDLED WITH
   2.6.8
